

GROUP Build
NUGET
  remote: https://www.nuget.org/api/v2
    FAKE (4.29.2)

GROUP Core
NUGET
  remote: https://www.nuget.org/api/v2
    OpenTK (1.1.1589.5942)
    System.IO.Abstractions (2.0.0.124)

GROUP Test
NUGET
  remote: https://www.nuget.org/api/v2
    Castle.Core (3.3.3) - framework: >= net45
    Moq (4.5.10)
      Castle.Core (>= 3.3.3) - framework: >= net45
    NUnit (2.6.4)
    Shouldly (2.6)

GROUP Tools
NUGET
  remote: https://www.nuget.org/api/v2
    coveralls.io (1.3.4)
    NUnit.Runners (2.6.4)
    OpenCover (4.6.519)
    ReportGenerator (2.4.5)
