

GROUP Build
NUGET
  remote: https://www.nuget.org/api/v2
  specs:
    FAKE (4.21.0)

GROUP Core
NUGET
  remote: https://www.nuget.org/api/v2
  specs:
    OpenTK (1.1.1589.5942)

GROUP Test
NUGET
  remote: https://www.nuget.org/api/v2
  specs:
    Moq (4.2.1510.2205)
    NUnit (2.6.4)
    Shouldly (2.6.0)

GROUP Tools
NUGET
  remote: https://www.nuget.org/api/v2
  specs:
    coveralls.io (1.3.4)
    NUnit.Runners (2.6.4)
    OpenCover (4.6.519)
    ReportGenerator (2.4.4)
